GEM
  remote: https://rubygems.org/
  specs:
    diff-lcs (1.3)
    mustermann (2.0.2)
      ruby2_keywords (~> 0.0.1)
    rack (2.2.6.3)
    rack-protection (2.2.3)
      rack
    rack-test (1.1.0)
      rack (>= 1.0, < 3)
    rspec (3.8.0)
      rspec-core (~> 3.8.0)
      rspec-expectations (~> 3.8.0)
      rspec-mocks (~> 3.8.0)
    rspec-core (3.8.0)
      rspec-support (~> 3.8.0)
    rspec-expectations (3.8.3)
      diff-lcs (>= 1.2.0, < 2.0)
      rspec-support (~> 3.8.0)
    rspec-mocks (3.8.0)
      diff-lcs (>= 1.2.0, < 2.0)
      rspec-support (~> 3.8.0)
    rspec-support (3.8.0)
    ruby2_keywords (0.0.5)
    sinatra (2.2.3)
      mustermann (~> 2.0)
      rack (~> 2.2)
      rack-protection (= 2.2.3)
      tilt (~> 2.0)
    tilt (2.1.0)

PLATFORMS
  ruby

DEPENDENCIES
  rack-test
  rspec
  sinatra

BUNDLED WITH
   2.3.7
